GEM
  remote: http://rubygems.org/
  specs:
    chingu (0.9rc8)
      gosu (>= 0.7.43)
      gosu (>= 0.7.43)
    gosu (0.7.43)

PLATFORMS
  ruby

DEPENDENCIES
  chingu
